GEM
  remote: http://rubygems.org/
  specs:
    aaronh-chronic (0.3.9)
    activemodel (3.0.7)
      activesupport (= 3.0.7)
      builder (~> 2.1.2)
      i18n (~> 0.5.0)
    activerecord (3.0.7)
      activemodel (= 3.0.7)
      activesupport (= 3.0.7)
      arel (~> 2.0.2)
      tzinfo (~> 0.3.23)
    activesupport (3.0.7)
    arel (2.0.9)
    builder (2.1.2)
    daemons (1.1.3)
    fastercsv (1.5.4)
    gcal4ruby (0.5.5)
      gdata4ruby (>= 0.1.5)
    gdata4ruby (0.1.5)
    i18n (0.5.0)
    rack (1.2.2)
    rack-flash (0.1.1)
      rack
    rake (0.9.2.2)
    sinatra (1.2.6)
      rack (~> 1.1)
      tilt (>= 1.2.2, < 2.0)
    sinatra-cache-assets (0.0.3)
      sinatra (>= 1.0)
    sqlite3-ruby (1.2.5)
    thor (0.14.6)
    tilt (1.3)
    tzinfo (0.3.27)
    whenever (0.6.8)
      aaronh-chronic (>= 0.3.9)
      activesupport (>= 2.3.4)

PLATFORMS
  ruby

DEPENDENCIES
  activerecord
  activesupport
  daemons
  fastercsv
  gcal4ruby
  rack
  rack-flash
  rake (~> 0.9.2.2)
  sinatra
  sinatra-cache-assets
  sqlite3-ruby (= 1.2.5)
  thor
  whenever
