GEM
  remote: http://rubygems.org/
  specs:
    activemodel (3.2.3)
      activesupport (= 3.2.3)
      builder (~> 3.0.0)
    activerecord (3.2.3)
      activemodel (= 3.2.3)
      activesupport (= 3.2.3)
      arel (~> 3.0.2)
      tzinfo (~> 0.3.29)
    activesupport (3.2.3)
      i18n (~> 0.6)
      multi_json (~> 1.0)
    addressable (2.2.8)
    archive-tar-minitar (0.5.2)
    arel (3.0.2)
    awesome_print (1.0.2)
    builder (3.0.0)
    capistrano (2.12.0)
      highline
      net-scp (>= 1.0.0)
      net-sftp (>= 2.0.0)
      net-ssh (>= 2.0.14)
      net-ssh-gateway (>= 1.1.0)
    capistrano_colors (0.5.5)
    capybara (1.1.2)
      mime-types (>= 1.16)
      nokogiri (>= 1.3.3)
      rack (>= 1.0.0)
      rack-test (>= 0.5.4)
      selenium-webdriver (~> 2.0)
      xpath (~> 0.1.4)
    capybara-webkit (0.12.0)
      capybara (>= 1.0.0, < 1.2)
      json
    childprocess (0.3.2)
      ffi (~> 1.0.6)
    chronic (0.6.7)
    daemons (1.1.8)
    diff-lcs (1.1.3)
    drx (0.4.5)
    erubis (2.7.0)
    eventmachine (0.12.10)
    factory_girl (3.3.0)
      activesupport (>= 3.0.0)
    fastercsv (1.5.5)
    ffi (1.0.11)
    foreman (0.46.0)
      thor (>= 0.13.6)
    gcal4ruby (0.5.5)
      gdata4ruby (>= 0.1.5)
    gdata4ruby (0.1.5)
    highline (1.6.12)
    hirb (0.6.2)
    i18n (0.6.0)
    interact (0.4.2)
    interactive_editor (0.0.10)
      spoon (>= 0.0.1)
    jruby-pageant (1.0.2)
    json (1.7.3)
    json_pure (1.6.7)
    launchy (2.1.0)
      addressable (~> 2.2.6)
    libwebsocket (0.1.3)
      addressable
    mario (0.0.6)
    mime-types (1.18)
    multi_json (1.3.5)
    net-scp (1.0.4)
      net-ssh (>= 1.99.1)
    net-sftp (2.0.5)
      net-ssh (>= 2.0.9)
    net-ssh (2.5.1)
      jruby-pageant (>= 1.0.2)
    net-ssh-gateway (1.1.0)
      net-ssh (>= 1.99.1)
    nokogiri (1.5.2)
    rack (1.4.1)
    rack-flash (0.1.2)
      rack
    rack-protection (1.2.0)
      rack
    rack-test (0.6.1)
      rack (>= 1.0)
    rake (0.9.2.2)
    rest-client (1.6.7)
      mime-types (>= 1.16)
    rspec (2.6.0)
      rspec-core (~> 2.6.0)
      rspec-expectations (~> 2.6.0)
      rspec-mocks (~> 2.6.0)
    rspec-core (2.6.4)
    rspec-expectations (2.6.0)
      diff-lcs (~> 1.1.2)
    rspec-mocks (2.6.0)
    rubyzip (0.9.8)
    selenium-webdriver (2.21.2)
      childprocess (>= 0.2.5)
      ffi (~> 1.0)
      libwebsocket (~> 0.1.3)
      multi_json (~> 1.0)
      rubyzip
    shotgun (0.9)
      rack (>= 1.0)
    sinatra (1.3.2)
      rack (~> 1.3, >= 1.3.6)
      rack-protection (~> 1.2)
      tilt (~> 1.3, >= 1.3.3)
    sinatra-cache-assets (0.0.3)
      sinatra (>= 1.0)
    spoon (0.0.1)
    sqlite3-ruby (1.2.5)
    terminal-table (1.4.5)
    thin (1.3.1)
      daemons (>= 1.0.9)
      eventmachine (>= 0.12.6)
      rack (>= 1.0.0)
    thor (0.15.2)
    tilt (1.3.3)
    tzinfo (0.3.33)
    uuidtools (2.1.2)
    vagrant (0.5.4)
      archive-tar-minitar (= 0.5.2)
      erubis (>= 2.6.6)
      json (>= 1.4.3)
      mario (~> 0.0.6)
      net-scp (>= 1.0.2)
      net-ssh (>= 2.0.19)
      virtualbox (~> 0.7.3)
    virtualbox (0.7.5)
      ffi (>= 0.6.3)
    vmc (0.3.17)
      addressable (~> 2.2.6)
      interact (~> 0.4.0)
      json_pure (>= 1.5.1, < 1.7.0)
      rest-client (>= 1.6.1, < 1.7.0)
      rubyzip (~> 0.9.4)
      terminal-table (~> 1.4.2)
      uuidtools (~> 2.1.0)
    whenever (0.7.3)
      activesupport (>= 2.3.4)
      chronic (~> 0.6.3)
    wirble (0.1.3)
    xpath (0.1.4)
      nokogiri (~> 1.3)

PLATFORMS
  ruby

DEPENDENCIES
  activerecord
  activesupport
  awesome_print
  capistrano
  capistrano_colors
  capybara (~> 1.1.1)
  capybara-webkit
  daemons
  drx
  factory_girl
  fastercsv
  foreman
  gcal4ruby
  hirb
  interactive_editor
  launchy
  rack
  rack-flash
  rake (~> 0.9.2.2)
  rspec (~> 2.6.0)
  shotgun
  sinatra
  sinatra-cache-assets
  sqlite3-ruby (= 1.2.5)
  thin
  thor
  vagrant
  vmc
  whenever
  wirble
